GEM
  remote: http://rubygems.org/
  specs:
    addressable (2.2.6)
    backports (2.3.0)
    bcrypt-ruby (2.1.4)
    daemons (1.1.4)
    data_objects (0.10.6)
      addressable (~> 2.1)
    datamapper (1.1.0)
      dm-aggregates (= 1.1.0)
      dm-constraints (= 1.1.0)
      dm-core (= 1.1.0)
      dm-migrations (= 1.1.0)
      dm-serializer (= 1.1.0)
      dm-timestamps (= 1.1.0)
      dm-transactions (= 1.1.0)
      dm-types (= 1.1.0)
      dm-validations (= 1.1.0)
    diff-lcs (1.1.2)
    dm-aggregates (1.1.0)
      dm-core (~> 1.1.0)
    dm-constraints (1.1.0)
      dm-core (~> 1.1.0)
    dm-core (1.1.0)
      addressable (~> 2.2.4)
    dm-do-adapter (1.1.0)
      data_objects (~> 0.10.2)
      dm-core (~> 1.1.0)
    dm-migrations (1.1.0)
      dm-core (~> 1.1.0)
    dm-serializer (1.1.0)
      dm-core (~> 1.1.0)
      fastercsv (~> 1.5.4)
      json (~> 1.4.6)
    dm-sqlite-adapter (1.1.0)
      dm-do-adapter (~> 1.1.0)
      do_sqlite3 (~> 0.10.2)
    dm-timestamps (1.1.0)
      dm-core (~> 1.1.0)
    dm-transactions (1.1.0)
      dm-core (~> 1.1.0)
    dm-types (1.1.0)
      bcrypt-ruby (~> 2.1.4)
      dm-core (~> 1.1.0)
      fastercsv (~> 1.5.4)
      json (~> 1.4.6)
      stringex (~> 1.2.0)
      uuidtools (~> 2.1.2)
    dm-validations (1.1.0)
      dm-core (~> 1.1.0)
    do_sqlite3 (0.10.6)
      data_objects (= 0.10.6)
    eventmachine (0.12.10)
    fastercsv (1.5.4)
    growl (1.0.3)
    guard (0.5.1)
      thor (~> 0.14.6)
    guard-rspec (0.4.0)
      guard (>= 0.4.0)
    heroku (2.4.0)
      launchy (>= 0.3.2)
      rest-client (~> 1.6.1)
      term-ansicolor (~> 1.0.5)
    json (1.4.6)
    launchy (2.0.5)
      addressable (~> 2.2.6)
    mime-types (1.16)
    monkey-lib (0.5.4)
      backports
    pg (0.11.0)
    rack (1.3.2)
    rack-test (0.6.1)
      rack (>= 1.0)
    rake (0.8.7)
    rb-fsevent (0.4.2)
    rest-client (1.6.3)
      mime-types (>= 1.16)
    rspec (2.6.0)
      rspec-core (~> 2.6.0)
      rspec-expectations (~> 2.6.0)
      rspec-mocks (~> 2.6.0)
    rspec-core (2.6.4)
    rspec-expectations (2.6.0)
      diff-lcs (~> 1.1.2)
    rspec-mocks (2.6.0)
    sinatra (1.2.6)
      rack (~> 1.1)
      tilt (>= 1.2.2, < 2.0)
    sinatra-advanced-routes (0.5.1)
      monkey-lib (~> 0.5.0)
      sinatra (~> 1.0)
      sinatra-sugar (~> 0.5.0)
    sinatra-reloader (0.5.0)
      sinatra (~> 1.0)
      sinatra-advanced-routes (~> 0.5.0)
    sinatra-sugar (0.5.1)
      monkey-lib (~> 0.5.0)
      sinatra (~> 1.0)
    stringex (1.2.2)
    term-ansicolor (1.0.6)
    thin (1.2.11)
      daemons (>= 1.0.9)
      eventmachine (>= 0.12.6)
      rack (>= 1.0.0)
    thor (0.14.6)
    tilt (1.3.2)
    uuidtools (2.1.2)

PLATFORMS
  ruby

DEPENDENCIES
  datamapper (~> 1.1.0)
  dm-sqlite-adapter (~> 1.1.0)
  growl
  guard-rspec
  heroku (>= 2.1.0)
  pg (~> 0.11.0)
  rack-test
  rake (= 0.8.7)
  rb-fsevent
  rspec
  sinatra (~> 1.2.6)
  sinatra-reloader
  thin (~> 1.2.11)
